GEM
  remote: https://rubygems.org/
  specs:
    log4r (1.1.10)
    minitest (5.11.3)
    psych (2.2.4)
    rake (13.0.1)
    ruby-debug-ide (0.7.0)
      rake (>= 0.8.1)

PLATFORMS
  ruby

DEPENDENCIES
  log4r
  minitest
  psych (~> 2.2.1)
  ruby-debug-ide

BUNDLED WITH
   2.1.4
